GEM
  remote: https://rubygems.org/
  specs:
    chunky_png (1.3.10)
    colorize (0.8.1)
    google_maps_service (0.4.2)
      hurley (~> 0.1)
      multi_json (~> 1.11)
      retriable (~> 2.0)
    gpx (0.9.0)
      nokogiri (~> 1.7)
      rake
    hurley (0.2)
    mini_portile2 (2.3.0)
    multi_json (1.13.1)
    nokogiri (1.8.2)
      mini_portile2 (~> 2.3.0)
    rake (12.3.0)
    retriable (2.1.0)
    sqlite3 (1.3.13)

PLATFORMS
  ruby

DEPENDENCIES
  chunky_png
  colorize
  google_maps_service
  gpx
  sqlite3

BUNDLED WITH
   1.16.1
