GEM
  remote: https://rubygems.org/
  specs:
    colorize (0.8.1)
    google_maps_service (0.4.2)
      hurley (~> 0.1)
      multi_json (~> 1.11)
      retriable (~> 2.0)
    hurley (0.2)
    multi_json (1.13.1)
    retriable (2.1.0)
    sqlite3 (1.3.13)

PLATFORMS
  ruby

DEPENDENCIES
  colorize
  google_maps_service
  sqlite3

BUNDLED WITH
   1.16.1
